GEM
  remote: https://rubygems.org/
  specs:
    addressable (2.3.4)
    builder (3.0.0)
    daemons (1.1.8)
    eventmachine (0.12.10)
    excon (0.16.10)
    heroku (2.34.0)
      heroku-api (~> 0.3.7)
      launchy (>= 0.3.2)
      netrc (~> 0.7.7)
      rest-client (~> 1.6.1)
      rubyzip
    heroku-api (0.3.7)
      excon (~> 0.16.10)
    json (1.7.1)
    jwt (0.1.4)
      json (>= 1.2.4)
    launchy (2.2.0)
      addressable (~> 2.3)
    mime-types (1.23)
    multi_json (1.3.4)
    netrc (0.7.7)
    rack (1.4.1)
    rack-protection (1.2.0)
      rack
    rest-client (1.6.7)
      mime-types (>= 1.16)
    rubyzip (0.9.9)
    sinatra (1.3.2)
      rack (~> 1.3, >= 1.3.6)
      rack-protection (~> 1.2)
      tilt (~> 1.3, >= 1.3.3)
    thin (1.3.1)
      daemons (>= 1.0.9)
      eventmachine (>= 0.12.6)
      rack (>= 1.0.0)
    tilt (1.3.3)
    trollop (1.16.2)
    twilio-ruby (3.7.0)
      builder (>= 2.1.2)
      jwt (>= 0.1.2)
      multi_json (>= 1.3.0)

PLATFORMS
  ruby

DEPENDENCIES
  heroku
  sinatra
  thin
  trollop
  twilio-ruby
