GEM
  remote: https://rubygems.org/
  specs:
    builder (3.2.1)
    capybara (2.1.0)
      mime-types (>= 1.16)
      nokogiri (>= 1.3.3)
      rack (>= 1.0.0)
      rack-test (>= 0.5.4)
      xpath (~> 2.0)
    daemons (1.1.9)
    diff-lcs (1.2.4)
    eventmachine (1.0.3)
    jwt (0.1.8)
      multi_json (>= 1.5)
    mime-types (1.23)
    multi_json (1.7.4)
    nokogiri (1.5.9)
    rack (1.5.2)
    rack-protection (1.5.0)
      rack
    rack-test (0.6.2)
      rack (>= 1.0)
    rspec (2.13.0)
      rspec-core (~> 2.13.0)
      rspec-expectations (~> 2.13.0)
      rspec-mocks (~> 2.13.0)
    rspec-core (2.13.1)
    rspec-expectations (2.13.0)
      diff-lcs (>= 1.1.3, < 2.0)
    rspec-mocks (2.13.1)
    sinatra (1.4.2)
      rack (~> 1.5, >= 1.5.2)
      rack-protection (~> 1.4)
      tilt (~> 1.3, >= 1.3.4)
    thin (1.5.1)
      daemons (>= 1.0.9)
      eventmachine (>= 0.12.6)
      rack (>= 1.0.0)
    tilt (1.4.1)
    trollop (2.0)
    twilio-ruby (3.9.0)
      builder (>= 2.1.2)
      jwt (>= 0.1.2)
      multi_json (>= 1.3.0)
    twilio-test-toolkit (3.1.0)
      capybara
      uuidtools
    uuidtools (2.1.4)
    xpath (2.0.0)
      nokogiri (~> 1.3)

PLATFORMS
  ruby

DEPENDENCIES
  capybara (~> 2.1.0)
  nokogiri (~> 1.5.9)
  rspec (~> 2.13.0)
  sinatra (~> 1.4.2)
  thin (~> 1.5.1)
  trollop (~> 2.0)
  twilio-ruby (~> 3.9.0)
  twilio-test-toolkit (~> 3.1.0)
